PATH
  remote: .
  specs:
    telApp (0.0.1)
      gli (= 2.12.0)

GEM
  remote: https://rubygems.org/
  specs:
    gli (2.12.0)
    json (1.8.3)
    rake (11.3.0)
    rdoc (4.2.2)
      json (~> 1.4)

PLATFORMS
  ruby

DEPENDENCIES
  rake
  rdoc
  telApp!

BUNDLED WITH
   1.13.2
